GEM
  remote: https://rubygems.org/
  specs:
    activesupport (4.1.5)
      i18n (~> 0.6, >= 0.6.9)
      json (~> 1.7, >= 1.7.7)
      minitest (~> 5.1)
      thread_safe (~> 0.1)
      tzinfo (~> 1.1)
    apitools-middleware (0.1.0)
      semantic
    concurrent-ruby (1.1.10)
    highline (1.6.21)
    i18n (0.9.5)
      concurrent-ruby (~> 1.0)
    json (1.8.1)
    minitest (5.4.0)
    rake (10.3.2)
    semantic (1.3.0)
    thread_safe (0.3.4)
    tzinfo (1.2.2)
      thread_safe (~> 0.1)

PLATFORMS
  ruby

DEPENDENCIES
  activesupport
  apitools-middleware (~> 0.1.0)
  highline
  rake
